GEM
  remote: https://rubygems.org/
  specs:
    wxruby-ruby19 (2.0.1-x86-mingw32)

PLATFORMS
  x86-mingw32

DEPENDENCIES
  wxruby-ruby19 (~> 2.0.1)
